GEM
  remote: https://rubygems.org/
  remote: https://tinfoil:gK3USMe4S6Auwtfj4bJE@gems.tinfoilsecurity.com:9292/
  specs:
    activesupport (5.0.2)
      concurrent-ruby (~> 1.0, >= 1.0.2)
      i18n (~> 0.7)
      minitest (~> 5.1)
      tzinfo (~> 1.1)
    addressable (2.5.0)
      public_suffix (~> 2.0, >= 2.0.2)
    concurrent-ruby (1.0.5)
    ethon (0.10.1)
      ffi (>= 1.3.0)
    ffi (1.9.18)
    git (1.3.0)
    i18n (0.8.1)
    jira-ruby (1.2.0)
      activesupport
      oauth (~> 0.5, >= 0.5.0)
    minitest (5.10.1)
    oauth (0.5.1)
    public_suffix (2.0.5)
    rake (10.5.0)
    thread_safe (0.3.6)
    timber (0.10.0)
      addressable (~> 2.4)
      git (~> 1.2)
      jira-ruby (~> 1.0)
      rake (~> 10.0)
      typhoeus (~> 1.0)
    typhoeus (1.1.2)
      ethon (>= 0.9.0)
    tzinfo (1.2.3)
      thread_safe (~> 0.1)

PLATFORMS
  ruby

DEPENDENCIES
  timber (~> 0.9)!

BUNDLED WITH
   1.14.3
